GEM
  remote: https://rubygems.org/
  specs:
    rbconfig-update (0.0.3)

PLATFORMS
  ruby

DEPENDENCIES
  rbconfig-update (~> 0.0.3)

BUNDLED WITH
   2.1.4
